GEM
  remote: https://rubygems.org/
  specs:
    hexdump (1.0.1)

PLATFORMS
  arm64-darwin-23
  ruby

DEPENDENCIES
  hexdump

BUNDLED WITH
   2.5.4
